PATH
  remote: .
  specs:
    weather (0.1.0)
      faraday (~> 0.15.2)
      nokogiri (~> 1.8)
      pry (~> 0.11.3)
      slop (~> 4.6)

GEM
  remote: http://rubygems.org/
  specs:
    coderay (1.1.2)
    faraday (0.15.3)
      multipart-post (>= 1.2, < 3)
    method_source (0.9.0)
    mini_portile2 (2.3.0)
    minitest (5.11.3)
    multipart-post (2.0.0)
    nokogiri (1.8.4)
      mini_portile2 (~> 2.3.0)
    pry (0.11.3)
      coderay (~> 1.1.0)
      method_source (~> 0.9.0)
    rake (10.5.0)
    slop (4.6.2)

PLATFORMS
  ruby

DEPENDENCIES
  bundler (~> 1.16)
  minitest (~> 5.0)
  rake (~> 10.0)
  weather!

BUNDLED WITH
   1.16.4
