GEM
  remote: http://rubygems.org/
  specs:
    faraday (0.15.2)
      multipart-post (>= 1.2, < 3)
    multipart-post (2.0.0)
    slop (4.6.2)

PLATFORMS
  ruby

DEPENDENCIES
  faraday (~> 0.15.2)
  slop (~> 4.6)

BUNDLED WITH
   1.16.4
