GEM
  remote: http://rubygems.org/
  specs:
    coderay (1.1.2)
    faraday (0.15.2)
      multipart-post (>= 1.2, < 3)
    method_source (0.9.0)
    mini_portile2 (2.3.0)
    multipart-post (2.0.0)
    nokogiri (1.8.4)
      mini_portile2 (~> 2.3.0)
    pry (0.11.3)
      coderay (~> 1.1.0)
      method_source (~> 0.9.0)
    slop (4.6.2)

PLATFORMS
  ruby

DEPENDENCIES
  faraday (~> 0.15.2)
  nokogiri (~> 1.8)
  pry (~> 0.11.3)
  slop (~> 4.6)

BUNDLED WITH
   1.16.4
